GEM
  remote: https://rubygems.org/
  specs:
    CFPropertyList (2.2.8)
    aws-sdk (1.55.0)
      aws-sdk-v1 (= 1.55.0)
    aws-sdk-v1 (1.55.0)
      json (~> 1.4)
      nokogiri (>= 1.4.4)
    builder (3.2.2)
    deep_merge (1.0.0)
    excon (0.31.0)
    facter (2.1.0)
      CFPropertyList (~> 2.2.6)
    fog (1.19.0)
      builder
      excon (~> 0.31.0)
      formatador (~> 0.2.0)
      mime-types
      multi_json (~> 1.0)
      net-scp (~> 1.1)
      net-ssh (>= 2.1.3)
      nokogiri (~> 1.5)
      ruby-hmac
    formatador (0.2.5)
    gpgme (2.0.5)
      mini_portile (~> 0.5.0)
    hiera (1.3.4)
      json_pure
    hiera-eyaml (2.0.2)
      highline (>= 1.6.19)
      trollop (>= 2.0)
    highline (1.6.21)
    json (1.8.1)
    json_pure (1.8.1)
    kgio (2.9.2)
    mime-types (2.3)
    mini_portile (0.5.3)
    mixlib-cli (1.5.0)
    multi_json (1.8.4)
    net-scp (1.2.1)
      net-ssh (>= 2.6.5)
    net-ssh (2.9.1)
    nokogiri (1.5.11)
    rack (1.5.2)
    raindrops (0.13.0)
    rgen (0.6.6)
    ruby-augeas (0.4.1)
    ruby-hmac (0.4.0)
    ruby-libvirt (0.4.0)
    ruby-shadow (2.2.0)
    sensu-plugin (0.2.2)
      json
      mixlib-cli (>= 1.1.0)
    trollop (2.0)
    unf (0.1.3)
      unf_ext
    unf_ext (0.0.6)
    unicorn (4.8.3)
      kgio (~> 2.6)
      rack
      raindrops (~> 0.7)

PLATFORMS
  ruby

DEPENDENCIES
  aws-sdk (= 1.55.0)
  deep_merge (= 1.0.0)
  facter (= 2.1.0)
  fog (= 1.19.0)
  gpgme (= 2.0.5)
  hiera (= 1.3.4)
  hiera-eyaml (= 2.0.2)
  highline (= 1.6.21)
  json (= 1.8.1)
  nokogiri (= 1.5.11)
  rack (= 1.5.2)
  rgen (= 0.6.6)
  ruby-augeas (= 0.4.1)
  ruby-libvirt (= 0.4.0)
  ruby-shadow (= 2.2.0)
  sensu-plugin (= 0.2.2)
  trollop (= 2.0)
  unf (= 0.1.3)
  unicorn (= 4.8.3)
