GEM
  remote: https://rubygems.org/
  specs:
    CFPropertyList (2.2.8)
    deep_merge (1.0.0)
    facter (2.0.2)
      CFPropertyList (~> 2.2.6)
    gpgme (2.0.5)
      mini_portile (~> 0.5.0)
    hiera (1.3.4)
      json_pure
    hiera-eyaml (2.0.2)
      highline (>= 1.6.19)
      trollop (>= 2.0)
    highline (1.6.21)
    json (1.8.0)
    json_pure (1.8.1)
    kgio (2.9.2)
    mini_portile (0.5.3)
    nokogiri (1.4.4)
    puppet (3.6.2)
      facter (> 1.6, < 3)
      hiera (~> 1.0)
      json_pure
      rgen (~> 0.6.5)
    rack (1.5.2)
    raindrops (0.13.0)
    rgen (0.6.5)
    ruby-augeas (0.4.1)
    ruby-libvirt (0.4.0)
    ruby-shadow (2.2.0)
    trollop (2.0)
    unicorn (4.8.3)
      kgio (~> 2.6)
      rack
      raindrops (~> 0.7)

PLATFORMS
  ruby

DEPENDENCIES
  deep_merge (= 1.0.0)
  facter (= 2.0.2)
  gpgme (= 2.0.5)
  hiera (= 1.3.4)
  hiera-eyaml (= 2.0.2)
  highline (= 1.6.21)
  json (= 1.8.0)
  nokogiri (= 1.4.4)
  puppet (= 3.6.2)
  rack (= 1.5.2)
  rgen (= 0.6.5)
  ruby-augeas (= 0.4.1)
  ruby-libvirt (= 0.4.0)
  ruby-shadow (= 2.2.0)
  trollop (= 2.0)
  unicorn (= 4.8.3)
