GEM
  remote: https://rubygems.org/
  specs:
    CFPropertyList (2.2.8)
    aws-sdk (1.33.0)
      json (~> 1.4)
      nokogiri (>= 1.4.4)
      uuidtools (~> 2.1)
    builder (3.2.2)
    colored (1.2)
    cri (2.4.1)
      colored (>= 1.2)
    deep_merge (1.0.0)
    diff-lcs (1.2.5)
    excon (0.31.0)
    facter (2.0.2)
      CFPropertyList (~> 2.2.6)
    faraday (0.8.9)
      multipart-post (~> 1.2.0)
    faraday_middleware (0.9.1)
      faraday (>= 0.7.4, < 0.10)
    faraday_middleware-multi_json (0.0.6)
      faraday_middleware
      multi_json
    fog (1.19.0)
      builder
      excon (~> 0.31.0)
      formatador (~> 0.2.0)
      mime-types
      multi_json (~> 1.0)
      net-scp (~> 1.1)
      net-ssh (>= 2.1.3)
      nokogiri (~> 1.5)
      ruby-hmac
    formatador (0.2.5)
    gpgme (2.0.5)
      mini_portile (~> 0.5.0)
    hiera (1.3.4)
      json_pure
    hiera-eyaml (2.0.2)
      highline (>= 1.6.19)
      trollop (>= 2.0)
    highline (1.6.21)
    json (1.8.0)
    json_pure (1.8.1)
    kgio (2.9.2)
    librarian-puppet (0.9.10)
      json
      thor (~> 0.15)
    log4r (1.1.10)
    metaclass (0.0.4)
    mime-types (2.3)
    mini_portile (0.5.3)
    mixlib-cli (1.5.0)
    mocha (1.1.0)
      metaclass (~> 0.0.1)
    multi_json (1.8.4)
    multipart-post (1.2.0)
    net-scp (1.2.1)
      net-ssh (>= 2.6.5)
    net-ssh (2.9.1)
    nokogiri (1.5.11)
    puppet (3.6.2)
      facter (> 1.6, < 3)
      hiera (~> 1.0)
      json_pure
      rgen (~> 0.6.5)
    puppet-lint (0.4.0.pre1)
    puppet-syntax (1.1.0)
      puppet (>= 2.7.0)
      rake
    puppetlabs_spec_helper (0.4.1)
      mocha (>= 0.10.5)
      rake
      rspec (>= 2.9.0)
      rspec-puppet (>= 0.1.1)
    r10k (1.2.0)
      colored (>= 1.2)
      cri (~> 2.4.0)
      faraday (~> 0.8.8)
      faraday_middleware (~> 0.9.0)
      faraday_middleware-multi_json (~> 0.0.5)
      json_pure (~> 1.8.1)
      log4r (>= 1.1.10)
      multi_json (~> 1.8.2)
      systemu (~> 2.5.2)
    rack (1.5.2)
    raindrops (0.13.0)
    rake (10.3.2)
    rake-hooks (1.2.3)
      rake
    rgen (0.6.5)
    rspec (2.14.1)
      rspec-core (~> 2.14.0)
      rspec-expectations (~> 2.14.0)
      rspec-mocks (~> 2.14.0)
    rspec-core (2.14.5)
    rspec-expectations (2.14.2)
      diff-lcs (>= 1.1.3, < 2.0)
    rspec-mocks (2.14.3)
    rspec-puppet (1.0.1)
      rspec
    ruby-augeas (0.4.1)
    ruby-hmac (0.4.0)
    ruby-libvirt (0.4.0)
    ruby-shadow (2.2.0)
    sensu-plugin (0.2.2)
      json
      mixlib-cli (>= 1.1.0)
    systemu (2.5.2)
    thor (0.19.1)
    trollop (2.0)
    unf (0.1.3)
      unf_ext
    unf_ext (0.0.6)
    unicorn (4.8.3)
      kgio (~> 2.6)
      rack
      raindrops (~> 0.7)
    uuidtools (2.1.4)

PLATFORMS
  ruby

DEPENDENCIES
  aws-sdk (= 1.33.0)
  deep_merge (= 1.0.0)
  facter (= 2.0.2)
  fog (= 1.19.0)
  gpgme (= 2.0.5)
  hiera (= 1.3.4)
  hiera-eyaml (= 2.0.2)
  highline (= 1.6.21)
  json (= 1.8.0)
  librarian-puppet (= 0.9.10)
  nokogiri (= 1.5.11)
  puppet (= 3.6.2)
  puppet-lint (= 0.4.0.pre1)
  puppet-syntax (= 1.1.0)
  puppetlabs_spec_helper (= 0.4.1)
  r10k (= 1.2.0)
  rack (= 1.5.2)
  rake-hooks (= 1.2.3)
  rgen (= 0.6.5)
  rspec (= 2.14.1)
  rspec-core (= 2.14.5)
  rspec-expectations (= 2.14.2)
  rspec-mocks (= 2.14.3)
  rspec-puppet (= 1.0.1)
  ruby-augeas (= 0.4.1)
  ruby-libvirt (= 0.4.0)
  ruby-shadow (= 2.2.0)
  sensu-plugin (= 0.2.2)
  trollop (= 2.0)
  unf (= 0.1.3)
  unicorn (= 4.8.3)
